GEM
  remote: https://rubygems.org/
  specs:
    mini_portile (0.5.3)
    nokogiri (1.6.1)
      mini_portile (~> 0.5.0)
    settingslogic (2.0.9)
    slack-notifier (1.0.0)

PLATFORMS
  ruby

DEPENDENCIES
  nokogiri
  settingslogic
  slack-notifier
