GEM
  remote: https://rubygems.org/
  specs:
    addressable (2.3.6)
    carrier-pigeon (0.7.0)
      addressable
    diff-lcs (1.2.5)
    hipchat (1.1.0)
      httparty
    httparty (0.13.1)
      json (~> 1.8)
      multi_xml (>= 0.5.2)
    json (1.8.1)
    mini_portile (0.5.3)
    multi_xml (0.5.5)
    nokogiri (1.6.1)
      mini_portile (~> 0.5.0)
    rspec (3.1.0)
      rspec-core (~> 3.1.0)
      rspec-expectations (~> 3.1.0)
      rspec-mocks (~> 3.1.0)
    rspec-core (3.1.7)
      rspec-support (~> 3.1.0)
    rspec-expectations (3.1.2)
      diff-lcs (>= 1.2.0, < 2.0)
      rspec-support (~> 3.1.0)
    rspec-mocks (3.1.3)
      rspec-support (~> 3.1.0)
    rspec-support (3.1.2)
    settingslogic (2.0.9)
    slack-notifier (1.0.0)

PLATFORMS
  ruby

DEPENDENCIES
  carrier-pigeon
  hipchat
  nokogiri
  rspec
  settingslogic
  slack-notifier
